GEM
  remote: https://rubygems.org/
  specs:
    addressable (2.3.6)
    backports (3.6.0)
    bond (0.4.3)
    capistrano (2.15.5)
      highline
      net-scp (>= 1.0.0)
      net-sftp (>= 2.0.0)
      net-ssh (>= 2.0.14)
      net-ssh-gateway (>= 1.1.0)
    highline (1.6.21)
    json (1.8.1)
    mime-types (2.2)
    net-scp (1.2.0)
      net-ssh (>= 2.6.5)
    net-sftp (2.1.2)
      net-ssh (>= 2.6.5)
    net-ssh (2.8.0)
    net-ssh-gateway (1.2.0)
      net-ssh (>= 2.6.5)
    rack (1.5.2)
    rack-cache (1.2)
      rack (>= 0.4)
    rb-readline (0.5.1)
    rest-client (1.6.7)
      mime-types (>= 1.16)
    rest-client-components (1.2.0)
      rack (>= 1.0.1)
      rest-client (>= 1.6.0, < 1.7.0)
      rest-client (>= 1.6.0, < 1.7.0)
    restfully (1.0.7)
      addressable
      backports
      json (~> 1.5)
      rack-cache
      rb-readline
      rest-client (~> 1.6)
      rest-client-components
      ripl (= 0.6.1)
      ripl-color_streams
      ripl-multi_line
      ripl-play (~> 0.2.1)
      ripl-short_errors
    ripl (0.6.1)
      bond (~> 0.4.0)
    ripl-color_streams (0.1.2)
      ripl (>= 0.2.8)
    ripl-multi_line (0.3.1)
      ripl (>= 0.3.6)
    ripl-play (0.2.1)
      ripl (>= 0.3.0)
    ripl-short_errors (0.1.0)
      ripl (>= 0.2.8)
    term-ansicolor (1.3.0)
      tins (~> 1.0)
    tins (1.1.0)
    xp5k (0.0.5)
      json (>= 1.5.1)
      restfully (> 1.0.0)
      term-ansicolor (>= 1.0.7)

PLATFORMS
  ruby

DEPENDENCIES
  capistrano (< 3)
  xp5k
